PATH
  remote: .
  specs:
    etzetera (0.0.2)
      http (~> 0.5)
      multi_json (~> 1.8)

GEM
  remote: https://rubygems.org/
  specs:
    http (0.5.0)
      http_parser.rb
    http_parser.rb (0.6.0)
    multi_json (1.8.4)
    oj (2.5.5)

PLATFORMS
  ruby

DEPENDENCIES
  bundler (~> 1.5)
  etzetera!
  oj
