PATH
  remote: .
  specs:
    etzetera (0.0.1)
      celluloid-io (~> 0.15)
      http (~> 0.5)
      multi_json (~> 1.8)

GEM
  remote: https://rubygems.org/
  specs:
    celluloid (0.15.2)
      timers (~> 1.1.0)
    celluloid-io (0.15.0)
      celluloid (>= 0.15.0)
      nio4r (>= 0.5.0)
    http (0.5.0)
      http_parser.rb
    http_parser.rb (0.6.0)
    multi_json (1.8.4)
    nio4r (1.0.0)
    timers (1.1.0)

PLATFORMS
  ruby

DEPENDENCIES
  bundler (~> 1.5)
  etzetera!
